GIT
  remote: git://github.com/eeng/table_helper.git
  revision: 72f0ccccc19203ed658acd96a35db11865fd0404
  specs:
    table_helper (0.2.2)

GIT
  remote: git://github.com/mconf/attachment_fu.git
  revision: 746363b1b7ffc20602a6827d1d8fb65259e2cf29
  specs:
    attachment_fu (1.0.3)
      aws-s3

GIT
  remote: git://github.com/mconf/bigbluebutton-api-ruby.git
  revision: ee6dc628433311a5b5f76382f6641f1ee6f2234c
  specs:
    bigbluebutton-api-ruby (0.1.0)
      xml-simple (>= 1.1.1)

GIT
  remote: git://github.com/mconf/bigbluebutton_rails.git
  revision: 5acf4c3cee52a9044c5fd1577c1fa89b5beaf5c2
  specs:
    bigbluebutton_rails (0.1.1)
      bigbluebutton-api-ruby (~> 0.1.0)
      rails (>= 3.0.0)

GIT
  remote: git://github.com/mconf/permalink_fu.git
  revision: a42f16a13ab1f7bf14256e57a8e0fe6c6f902bf9
  specs:
    teambox-permalink_fu (1.0.1)

GIT
  remote: git://github.com/mconf/translate.git
  revision: 66f8c7d16696b4b217cb91b4dc3c0e326340b2d3
  specs:
    translate-rails3 (0.1.1)
      ya2yaml (~> 0.30)

GIT
  remote: git://github.com/rmagick/rmagick.git
  revision: 4c3d6450483c3e761a1d3f9967b43c0a46d4763f
  specs:
    rmagick (0.0.0)

GEM
  remote: http://rubygems.org/
  specs:
    action_mailer_tls (1.1.3)
    actionmailer (3.1.3)
      actionpack (= 3.1.3)
      mail (~> 2.3.0)
    actionpack (3.1.3)
      activemodel (= 3.1.3)
      activesupport (= 3.1.3)
      builder (~> 3.0.0)
      erubis (~> 2.7.0)
      i18n (~> 0.6)
      rack (~> 1.3.5)
      rack-cache (~> 1.1)
      rack-mount (~> 0.8.2)
      rack-test (~> 0.6.1)
      sprockets (~> 2.0.3)
    activemodel (3.1.3)
      activesupport (= 3.1.3)
      builder (~> 3.0.0)
      i18n (~> 0.6)
    activerecord (3.1.3)
      activemodel (= 3.1.3)
      activesupport (= 3.1.3)
      arel (~> 2.2.1)
      tzinfo (~> 0.3.29)
    activeresource (3.1.3)
      activemodel (= 3.1.3)
      activesupport (= 3.1.3)
    activesupport (3.1.3)
      multi_json (~> 1.0)
    ansi (1.4.1)
    arel (2.2.1)
    atom-tools (2.0.5)
    aws-s3 (0.6.2)
      builder
      mime-types
      xml-simple
    builder (3.0.0)
    capistrano (2.6.0)
      highline
      net-scp (>= 1.0.0)
      net-sftp (>= 2.0.0)
      net-ssh (>= 2.0.14)
      net-ssh-gateway (>= 1.1.0)
    capistrano-ext (1.2.1)
      capistrano (>= 1.0.0)
    chronic (0.3.0)
    chunky_png (1.2.5)
    ci_reporter (1.6.4)
      builder (>= 2.1.2)
    coffee-rails (3.1.1)
      coffee-script (>= 2.2.0)
      railties (~> 3.1.0)
    coffee-script (2.2.0)
      coffee-script-source
      execjs
    coffee-script-source (1.2.0)
    color (1.4.1)
    compass (0.12.alpha.4)
      chunky_png (~> 1.2)
      fssm (>= 0.2.7)
      sass (~> 3.1)
    crack (0.1.8)
    daemon_controller (0.2.6)
    delayed_job (3.0.0)
      activesupport (~> 3.0)
    delayed_job_active_record (0.3.1)
      activerecord (> 2.1.0)
      delayed_job (~> 3.0.0)
    diff-lcs (1.1.3)
    dynamic_form (1.1.4)
    erubis (2.7.0)
    exception_notification (2.4.1)
    execjs (1.2.13)
      multi_json (~> 1.0)
    factory_girl (1.3.3)
    fancy-buttons (1.1.2)
      compass (>= 0.11)
    fastthread (1.0.7)
    fckeditor (0.1.0)
    feed-normalizer (1.5.2)
      hpricot (>= 0.6)
      simple-rss (>= 1.1)
    ffaker (1.8.0)
    fssm (0.2.8.1)
    fuubar (0.0.6)
      rspec (~> 2.0)
      rspec-instafail (~> 0.1.8)
      ruby-progressbar (~> 0.0.10)
    galetahub-simple_captcha (0.1.3)
    garb (0.9.1)
      activesupport (>= 2.2.0)
      crack (>= 0.1.6)
    god (0.11.0)
    haml (3.1.4)
    highline (1.6.2)
    hike (1.2.1)
    hoe (2.9.4)
      rake (>= 0.8.7)
    hpricot (0.8.4)
    htmlentities (4.3.0)
    httparty (0.7.7)
      crack (= 0.1.8)
    i18n (0.6.0)
    jquery-rails (1.0.9)
      railties (~> 3.0)
      thor (~> 0.14)
    json (1.6.4)
    libv8 (3.3.10.4)
    mail (2.3.0)
      i18n (>= 0.4.0)
      mime-types (~> 1.16)
      treetop (~> 1.4.8)
    mime-types (1.17.2)
    multi_json (1.0.4)
    mysql2 (0.3.11)
    net-scp (1.0.4)
      net-ssh (>= 1.99.1)
    net-sftp (2.0.5)
      net-ssh (>= 2.0.9)
    net-ssh (2.1.4)
    net-ssh-gateway (1.1.0)
      net-ssh (>= 1.99.1)
    nokogiri (1.4.1)
    passenger (3.0.7)
      daemon_controller (>= 0.2.5)
      fastthread (>= 1.0.1)
      rack
      rake (>= 0.8.1)
    pdf-writer (1.1.8)
      color (>= 1.4.0)
      transaction-simple (~> 1.3)
    polyglot (0.3.3)
    populator (1.0.0)
    prism (0.1.0)
      nokogiri
    rack (1.3.6)
    rack-cache (1.1)
      rack (>= 0.4)
    rack-mount (0.8.3)
      rack (>= 1.0.0)
    rack-ssl (1.3.2)
      rack
    rack-test (0.6.1)
      rack (>= 1.0)
    rails (3.1.3)
      actionmailer (= 3.1.3)
      actionpack (= 3.1.3)
      activerecord (= 3.1.3)
      activeresource (= 3.1.3)
      activesupport (= 3.1.3)
      bundler (~> 1.0)
      railties (= 3.1.3)
    rails_autolink (1.0.4)
      rails (>= 3.1.0)
    railties (3.1.3)
      actionpack (= 3.1.3)
      activesupport (= 3.1.3)
      rack-ssl (~> 1.3.2)
      rake (>= 0.8.7)
      rdoc (~> 3.4)
      thor (~> 0.14.6)
    rake (0.9.2.2)
    rcov (0.9.9)
    rdoc (3.12)
      json (~> 1.4)
    rspec (2.8.0)
      rspec-core (~> 2.8.0)
      rspec-expectations (~> 2.8.0)
      rspec-mocks (~> 2.8.0)
    rspec-core (2.8.0)
    rspec-expectations (2.8.0)
      diff-lcs (~> 1.1.2)
    rspec-instafail (0.1.9)
    rspec-mocks (2.8.0)
    rspec-rails (2.8.1)
      actionpack (>= 3.0)
      activesupport (>= 3.0)
      railties (>= 3.0)
      rspec (~> 2.8.0)
    ruby-openid (2.1.8)
    ruby-progressbar (0.0.10)
    rubyzip (0.9.4)
    sass (3.1.12)
    sass-rails (3.1.5)
      actionpack (~> 3.1.0)
      railties (~> 3.1.0)
      sass (~> 3.1.10)
      tilt (~> 1.3.2)
    shoulda-matchers (1.0.0)
    simple-rss (1.2.3)
    sprockets (2.0.3)
      hike (~> 1.2)
      rack (~> 1.0)
      tilt (!= 1.3.0, ~> 1.1)
    sqlite3 (1.3.5)
    therubyracer (0.9.9)
      libv8 (~> 3.3.10)
    thor (0.14.6)
    tilt (1.3.3)
    transaction-simple (1.4.0)
      hoe (>= 1.1.7)
    treetop (1.4.10)
      polyglot
      polyglot (>= 0.3.1)
    turn (0.8.2)
      ansi (>= 1.2.2)
    tzinfo (0.3.31)
    uglifier (1.2.1)
      execjs (>= 0.3.0)
      multi_json (>= 1.0.2)
    vpim (0.695)
    webrat (0.7.3)
      nokogiri (>= 1.2.0)
      rack (>= 1.0)
      rack-test (>= 0.5.3)
    will_paginate (3.0.2)
    xml-simple (1.1.1)
    ya2yaml (0.30)
    yaml_db (0.2.1)

PLATFORMS
  ruby

DEPENDENCIES
  action_mailer_tls
  atom-tools
  attachment_fu!
  bigbluebutton-api-ruby!
  bigbluebutton_rails!
  capistrano (~> 2.5)
  capistrano-ext
  chronic
  ci_reporter
  coffee-rails (~> 3.1.1)
  compass (= 0.12.alpha.4)
  delayed_job_active_record
  dynamic_form
  exception_notification
  factory_girl
  fancy-buttons
  fckeditor
  feed-normalizer
  ffaker
  fuubar
  galetahub-simple_captcha
  garb
  god (= 0.11.0)
  haml
  hoe
  hpricot
  htmlentities
  httparty
  jquery-rails
  mysql2 (~> 0.3.0)
  nokogiri (= 1.4.1)
  passenger (= 3.0.7)
  pdf-writer
  populator
  prism
  rails (~> 3.1.0)
  rails_autolink
  rake
  rcov
  rmagick!
  rspec-instafail
  rspec-rails (>= 2.5)
  ruby-openid
  rubyzip
  sass-rails (~> 3.1.5)
  shoulda-matchers
  sqlite3
  table_helper!
  teambox-permalink_fu!
  therubyracer
  translate-rails3!
  turn (= 0.8.2)
  uglifier (>= 1.0.3)
  vpim
  webrat
  will_paginate
  yaml_db
