GEM
  remote: http://rubygems.org/
  remote: http://gems.github.com/
  specs:
    actionmailer (2.3.4)
      actionpack (= 2.3.4)
    actionpack (2.3.4)
      activesupport (= 2.3.4)
      rack (~> 1.0.0)
    activerecord (2.3.4)
      activesupport (= 2.3.4)
    activeresource (2.3.4)
      activesupport (= 2.3.4)
    activesupport (2.3.4)
    atom-tools (2.0.5)
    bigbluebutton-api-ruby (0.0.4)
    builder (3.0.0)
    capistrano (2.5.19)
      highline
      net-scp (>= 1.0.0)
      net-sftp (>= 2.0.0)
      net-ssh (>= 2.0.14)
      net-ssh-gateway (>= 1.0.0)
    cgi_multipart_eof_fix (2.5.0)
    chronic (0.3.0)
    ci_reporter (1.6.4)
      builder (>= 2.1.2)
    color (1.4.1)
    columnize (0.3.2)
    crack (0.1.8)
    daemons (1.1.0)
    factory_girl (1.3.3)
    fastthread (1.0.7)
    feed-normalizer (1.5.2)
      hpricot (>= 0.6)
      simple-rss (>= 1.1)
    ffaker (1.2.0)
    garb (0.9.1)
      activesupport (>= 2.2.0)
      crack (>= 0.1.6)
    gem_plugin (0.2.3)
    highline (1.6.1)
    hoe (2.9.1)
      rake (>= 0.8.7)
    hpricot (0.8.3)
    httparty (0.7.4)
      crack (= 0.1.8)
    linecache (0.43)
    mislav-will_paginate (2.3.11)
    mongrel (1.1.5)
      cgi_multipart_eof_fix (>= 2.4)
      daemons (>= 1.0.3)
      fastthread (>= 1.0.1)
      gem_plugin (>= 0.2.3)
    mysql (2.8.1)
    net-scp (1.0.4)
      net-ssh (>= 1.99.1)
    net-sftp (2.0.5)
      net-ssh (>= 2.0.9)
    net-ssh (2.1.0)
    net-ssh-gateway (1.0.1)
      net-ssh (>= 1.99.1)
    nokogiri (1.4.1)
    pdf-writer (1.1.8)
      color (>= 1.4.0)
      transaction-simple (~> 1.3)
    populator (1.0.0)
    prism (0.1.0)
      nokogiri
    rack (1.0.1)
    rails (2.3.4)
      actionmailer (= 2.3.4)
      actionpack (= 2.3.4)
      activerecord (= 2.3.4)
      activeresource (= 2.3.4)
      activesupport (= 2.3.4)
      rake (>= 0.8.3)
    rake (0.8.7)
    rcov (0.9.9)
    rmagick (2.13.1)
    rspec (1.3.1)
    rspec-rails (1.3.3)
      rack (>= 1.0.0)
      rspec (= 1.3.1)
    ruby-debug (0.10.4)
      columnize (>= 0.1)
      ruby-debug-base (~> 0.10.4.0)
    ruby-debug-base (0.10.4)
      linecache (>= 0.3)
    ruby-openid (2.1.8)
    rubyzip (0.9.4)
    simple-rss (1.2.3)
    sqlite3 (1.3.3)
    sqlite3-ruby (1.3.3)
      sqlite3 (>= 1.3.3)
    transaction-simple (1.4.0)
      hoe (>= 1.1.7)
    vpim (0.695)

PLATFORMS
  ruby

DEPENDENCIES
  atom-tools
  bigbluebutton-api-ruby
  capistrano
  chronic
  ci_reporter
  factory_girl
  feed-normalizer
  ffaker
  garb
  hoe
  hpricot
  httparty
  mislav-will_paginate
  mongrel
  mysql
  nokogiri (= 1.4.1)
  pdf-writer
  populator
  prism
  rails (= 2.3.4)
  rcov
  rmagick
  rspec (= 1.3.1)
  rspec-rails (= 1.3.3)
  ruby-debug
  ruby-openid
  rubyzip
  sqlite3-ruby
  vpim
