GIT
  remote: git://github.com/echen/table_helper.git
  revision: a756e56774e0a3a6182cdfc6773a86fd98d0b704
  specs:
    table_helper (0.2.2)

GIT
  remote: git://github.com/galetahub/simple-captcha.git
  revision: b8493942e9a9bb58c58712fa21d41963330da6aa
  specs:
    simple_captcha (0.1.1)

GIT
  remote: git://github.com/mconf/bigbluebutton_rails.git
  revision: a4546db1976b8a135f05ba8361c94030b0fad575
  specs:
    bigbluebutton_rails (0.0.4)
      bigbluebutton-api-ruby (~> 0.0.10)
      rails (~> 3.0.3)

GIT
  remote: git://github.com/mconf/permalink_fu.git
  revision: a42f16a13ab1f7bf14256e57a8e0fe6c6f902bf9
  specs:
    teambox-permalink_fu (1.0.1)

GIT
  remote: git://github.com/mconf/translate.git
  revision: 62f311b046def07a15b17bb99b1be603307e6d86
  specs:
    translate-rails3 (0.1.1)
      ya2yaml (~> 0.30)

GEM
  remote: http://rubygems.org/
  specs:
    abstract (1.0.0)
    action_mailer_tls (1.1.3)
    actionmailer (3.0.3)
      actionpack (= 3.0.3)
      mail (~> 2.2.9)
    actionpack (3.0.3)
      activemodel (= 3.0.3)
      activesupport (= 3.0.3)
      builder (~> 2.1.2)
      erubis (~> 2.6.6)
      i18n (~> 0.4)
      rack (~> 1.2.1)
      rack-mount (~> 0.6.13)
      rack-test (~> 0.5.6)
      tzinfo (~> 0.3.23)
    activemodel (3.0.3)
      activesupport (= 3.0.3)
      builder (~> 2.1.2)
      i18n (~> 0.4)
    activerecord (3.0.3)
      activemodel (= 3.0.3)
      activesupport (= 3.0.3)
      arel (~> 2.0.2)
      tzinfo (~> 0.3.23)
    activeresource (3.0.3)
      activemodel (= 3.0.3)
      activesupport (= 3.0.3)
    activesupport (3.0.3)
    archive-tar-minitar (0.5.2)
    arel (2.0.10)
    atom-tools (2.0.5)
    bigbluebutton-api-ruby (0.0.10)
      nokogiri (~> 1.4.0)
    builder (2.1.2)
    capistrano (2.6.0)
      highline
      net-scp (>= 1.0.0)
      net-sftp (>= 2.0.0)
      net-ssh (>= 2.0.14)
      net-ssh-gateway (>= 1.1.0)
    chronic (0.3.0)
    ci_reporter (1.6.4)
      builder (>= 2.1.2)
    color (1.4.1)
    columnize (0.3.2)
    crack (0.1.8)
    diff-lcs (1.1.2)
    dynamic_form (1.1.4)
    erubis (2.6.6)
      abstract (>= 1.0.0)
    exception_notification_rails3 (1.2.0)
    factory_girl (1.3.3)
    fckeditor (0.1.0)
    feed-normalizer (1.5.2)
      hpricot (>= 0.6)
      simple-rss (>= 1.1)
    ffaker (1.8.0)
    fuubar (0.0.5)
      rspec (~> 2.0)
      rspec-instafail (~> 0.1.4)
      ruby-progressbar (~> 0.0.10)
    garb (0.9.1)
      activesupport (>= 2.2.0)
      crack (>= 0.1.6)
    highline (1.6.2)
    hoe (2.9.4)
      rake (>= 0.8.7)
    hpricot (0.8.4)
    httparty (0.7.7)
      crack (= 0.1.8)
    i18n (0.6.0)
    jquery-rails (1.0.9)
      railties (~> 3.0)
      thor (~> 0.14)
    linecache19 (0.5.12)
      ruby_core_source (>= 0.1.4)
    mail (2.2.19)
      activesupport (>= 2.3.6)
      i18n (>= 0.4.0)
      mime-types (~> 1.16)
      treetop (~> 1.4.8)
    mime-types (1.16)
    mysql2 (0.2.7)
    net-scp (1.0.4)
      net-ssh (>= 1.99.1)
    net-sftp (2.0.5)
      net-ssh (>= 2.0.9)
    net-ssh (2.1.4)
    net-ssh-gateway (1.1.0)
      net-ssh (>= 1.99.1)
    nokogiri (1.4.1)
    pdf-writer (1.1.8)
      color (>= 1.4.0)
      transaction-simple (~> 1.3)
    polyglot (0.3.1)
    populator (1.0.0)
    prism (0.1.0)
      nokogiri
    rack (1.2.3)
    rack-mount (0.6.14)
      rack (>= 1.0.0)
    rack-test (0.5.7)
      rack (>= 1.0)
    rails (3.0.3)
      actionmailer (= 3.0.3)
      actionpack (= 3.0.3)
      activerecord (= 3.0.3)
      activeresource (= 3.0.3)
      activesupport (= 3.0.3)
      bundler (~> 1.0)
      railties (= 3.0.3)
    railties (3.0.3)
      actionpack (= 3.0.3)
      activesupport (= 3.0.3)
      rake (>= 0.8.7)
      thor (~> 0.14.4)
    rake (0.8.7)
    rcov (0.9.9)
    rmagick (2.13.1)
    rspec (2.6.0)
      rspec-core (~> 2.6.0)
      rspec-expectations (~> 2.6.0)
      rspec-mocks (~> 2.6.0)
    rspec-core (2.6.3)
    rspec-expectations (2.6.0)
      diff-lcs (~> 1.1.2)
    rspec-instafail (0.1.7)
    rspec-mocks (2.6.0)
    rspec-rails (2.6.1)
      actionpack (~> 3.0)
      activesupport (~> 3.0)
      railties (~> 3.0)
      rspec (~> 2.6.0)
    ruby-debug-base19 (0.11.25)
      columnize (>= 0.3.1)
      linecache19 (>= 0.5.11)
      ruby_core_source (>= 0.1.4)
    ruby-debug19 (0.11.6)
      columnize (>= 0.3.1)
      linecache19 (>= 0.5.11)
      ruby-debug-base19 (>= 0.11.19)
    ruby-openid (2.1.8)
    ruby-progressbar (0.0.10)
    ruby_core_source (0.1.5)
      archive-tar-minitar (>= 0.5.2)
    rubyzip (0.9.4)
    shoulda-matchers (1.0.0.beta2)
    simple-rss (1.2.3)
    sqlite3 (1.3.3)
    sqlite3-ruby (1.3.3)
      sqlite3 (>= 1.3.3)
    thor (0.14.6)
    transaction-simple (1.4.0)
      hoe (>= 1.1.7)
    treetop (1.4.9)
      polyglot (>= 0.3.1)
    tzinfo (0.3.27)
    vpim (0.695)
    webrat (0.7.3)
      nokogiri (>= 1.2.0)
      rack (>= 1.0)
      rack-test (>= 0.5.3)
    will_paginate (3.0.pre2)
    ya2yaml (0.30)

PLATFORMS
  ruby

DEPENDENCIES
  action_mailer_tls
  atom-tools
  bigbluebutton_rails!
  capistrano (~> 2.5)
  chronic
  ci_reporter
  dynamic_form
  exception_notification_rails3
  factory_girl
  fckeditor
  feed-normalizer
  ffaker
  fuubar
  garb
  hoe
  hpricot
  httparty
  jquery-rails (>= 0.2.6)
  mysql2 (~> 0.2.0)
  nokogiri (= 1.4.1)
  pdf-writer
  populator
  prism
  rails (= 3.0.3)
  rake (= 0.8.7)
  rcov
  rmagick
  rspec-instafail
  rspec-rails (~> 2.5)
  ruby-debug19
  ruby-openid
  rubyzip
  shoulda-matchers
  simple_captcha!
  sqlite3-ruby
  table_helper!
  teambox-permalink_fu!
  translate-rails3!
  vpim
  webrat
  will_paginate (~> 3.0.pre2)
